GEM
  remote: https://rubygems.org/
  specs:
    addressable (2.3.8)
    cobweb (1.0.28)
      addressable (~> 2.3)
      haml (~> 4.0)
      json (~> 1.8)
      nokogiri (~> 1.6)
      redis (~> 3.0)
      redis-namespace (~> 1.3)
      sinatra (~> 1.4)
      slop (~> 3.4)
    haml (4.0.6)
      tilt
    json (1.8.2)
    mini_portile (0.6.2)
    nokogiri (1.6.6.2)
      mini_portile (~> 0.6.0)
    rack (1.6.0)
    rack-protection (1.5.3)
      rack
    redis (3.2.1)
    redis-namespace (1.5.2)
      redis (~> 3.0, >= 3.0.4)
    sinatra (1.4.6)
      rack (~> 1.4)
      rack-protection (~> 1.4)
      tilt (>= 1.3, < 3)
    slop (3.6.0)
    tilt (2.0.1)

PLATFORMS
  ruby

DEPENDENCIES
  cobweb
